GIT
  remote: https://github.com/maca/pony-test.git
  revision: 333673337f02c9ca649a912c004f5a0fda493dcc
  ref: 333673337f02c9ca649a912c004f5a0fda493dcc
  specs:
    pony-test (0.1.1)

GEM
  remote: https://rubygems.org/
  specs:
    diff-lcs (1.1.2)
    haml (3.1.2)
    i18n (0.5.0)
    mail (2.3.0)
      i18n (>= 0.4.0)
      mime-types (~> 1.16)
      treetop (~> 1.4.8)
    mime-types (1.16)
    polyglot (0.3.1)
    pony (1.3)
      mail (> 2.0)
    rack (1.6.12)
    rack-test (0.5.7)
      rack (>= 1.0)
    rake (10.0.3)
    rspec (2.6.0)
      rspec-core (~> 2.6.0)
      rspec-expectations (~> 2.6.0)
      rspec-mocks (~> 2.6.0)
    rspec-core (2.6.4)
    rspec-expectations (2.6.0)
      diff-lcs (~> 1.1.2)
    rspec-mocks (2.6.0)
    sinatra (1.2.6)
      rack (~> 1.1)
      tilt (>= 1.2.2, < 2.0)
    tilt (1.3.2)
    treetop (1.4.9)
      polyglot (>= 0.3.1)

PLATFORMS
  ruby

DEPENDENCIES
  haml
  pony
  pony-test!
  rack-test
  rake
  rspec (~> 2.6)
  sinatra
